GEM
  remote: http://rubygems.org/
  specs:
    bourbon (4.0.2)
      sass (~> 3.3)
      thor
    chunky_png (1.3.1)
    foundation (1.0.4)
      thor (>= 0.18.1)
    sass (3.3.14)
    thor (0.19.1)

PLATFORMS
  ruby

DEPENDENCIES
  bourbon (~> 4.0.2)
  chunky_png (~> 1.3.1)
  foundation (~> 1.0.4)
  sass (~> 3.3.9)
